GEM
  remote: https://rubygems.org/
  specs:
    airbrussh (1.4.1)
      sshkit (>= 1.6.1, != 1.7.0)
    bcrypt (3.1.18)
    capistrano (3.17.1)
      airbrussh (>= 1.0.0)
      i18n
      rake (>= 10.0.0)
      sshkit (>= 1.9.0)
    capistrano-bundler (2.1.0)
      capistrano (~> 3.1)
    capistrano-passenger (0.2.1)
      capistrano (~> 3.0)
    capistrano-rbenv (2.2.0)
      capistrano (~> 3.1)
      sshkit (~> 1.3)
    concurrent-ruby (1.1.10)
    i18n (1.12.0)
      concurrent-ruby (~> 1.0)
    mustermann (3.0.0)
      ruby2_keywords (~> 0.0.1)
    net-scp (4.0.0)
      net-ssh (>= 2.6.5, < 8.0.0)
    net-ssh (7.0.1)
    nio4r (2.5.8)
    puma (6.0.1)
      nio4r (~> 2.0)
    rack (2.2.4)
    rack-protection (3.0.5)
      rack
    rack-unreloader (2.0.0)
    rake (13.0.6)
    ruby2_keywords (0.0.5)
    sequel (5.63.0)
    sinatra (3.0.5)
      mustermann (~> 3.0)
      rack (~> 2.2, >= 2.2.4)
      rack-protection (= 3.0.5)
      tilt (~> 2.0)
    sshkit (1.21.3)
      net-scp (>= 1.1.2)
      net-ssh (>= 2.8.0)
    tilt (2.0.11)

PLATFORMS
  x86_64-darwin-22

DEPENDENCIES
  bcrypt (~> 3.1)
  capistrano (~> 3.17)
  capistrano-bundler (~> 2.1)
  capistrano-passenger (~> 0.2.1)
  capistrano-rbenv (~> 2.2)
  puma (~> 6.0)
  rack-unreloader (~> 2.0)
  sequel (~> 5.63)
  sinatra (~> 3.0)

BUNDLED WITH
   2.4.1
